GEM
  remote: http://rubygems.org/
  specs:
    growl (1.0.3)
    hpricot (0.8.4)

PLATFORMS
  ruby

DEPENDENCIES
  growl
  hpricot
